GIT
  remote: git://github.com/sosloow/titlekit.git
  revision: 7454cb72126374d58deaf6eb8e8c0a5665234ee6
  specs:
    titlekit (1.2.0)
      rchardet19
      treetop

GEM
  remote: https://rubygems.org/
  specs:
    backports (3.3.5)
    bson (1.9.2)
    bson_ext (1.9.2)
      bson (~> 1.9.2)
    daemons (1.1.9)
    eventmachine (1.0.3)
    httparty (0.12.0)
      json (~> 1.8)
      multi_xml (>= 0.5.2)
    json (1.8.1)
    metaclass (0.0.1)
    minitest (4.3.2)
    mocha (0.14.0)
      metaclass (~> 0.0.1)
    mongo (1.9.2)
      bson (~> 1.9.2)
    multi_json (1.8.2)
    multi_xml (0.5.5)
    polyglot (0.3.3)
    rack (1.5.2)
    rack-protection (1.5.1)
      rack
    rack-test (0.6.2)
      rack (>= 1.0)
    rchardet19 (1.3.5)
    sinatra (1.4.4)
      rack (~> 1.4)
      rack-protection (~> 1.4)
      tilt (~> 1.3, >= 1.3.4)
    sinatra-contrib (1.4.2)
      backports (>= 2.0)
      multi_json
      rack-protection
      rack-test
      sinatra (~> 1.4.0)
      tilt (~> 1.3)
    thin (1.6.1)
      daemons (>= 1.0.9)
      eventmachine (>= 1.0.0)
      rack (>= 1.0.0)
    tilt (1.4.1)
    treetop (1.4.15)
      polyglot
      polyglot (>= 0.3.1)

PLATFORMS
  ruby

DEPENDENCIES
  bson
  bson_ext
  httparty
  json
  minitest
  mocha
  mongo
  sinatra
  sinatra-contrib
  thin
  titlekit!
  treetop
